GEM
  remote: https://rubygems.org/
  specs:
    activesupport (4.2.5)
      i18n (~> 0.7)
      json (~> 1.7, >= 1.7.7)
      minitest (~> 5.1)
      thread_safe (~> 0.3, >= 0.3.4)
      tzinfo (~> 1.1)
    addressable (2.4.0)
    colorator (0.1)
    colored (1.2)
    diff-lcs (1.2.5)
    domain_name (0.5.25)
      unf (>= 0.0.5, < 1.0.0)
    ethon (0.8.0)
      ffi (>= 1.3.0)
    ffi (1.9.10)
    goodreads (0.4.3)
      activesupport (>= 3.0)
      hashie (~> 2.0)
      i18n (~> 0.5)
      oauth (~> 0.4)
      rest-client (~> 1.6)
    hashie (2.1.2)
    html-proofer (2.6.1)
      activesupport (~> 4.2)
      addressable (~> 2.3)
      colored (~> 1.2)
      mercenary (~> 0.3.2)
      nokogiri (~> 1.5)
      parallel (~> 1.3)
      typhoeus (~> 0.7)
      yell (~> 2.0)
    http-cookie (1.0.2)
      domain_name (~> 0.5)
    i18n (0.7.0)
    jekyll (3.0.1)
      colorator (~> 0.1)
      jekyll-sass-converter (~> 1.0)
      jekyll-watch (~> 1.1)
      kramdown (~> 1.3)
      liquid (~> 3.0)
      mercenary (~> 0.3.3)
      rouge (~> 1.7)
      safe_yaml (~> 1.0)
    jekyll-paginate (1.1.0)
    jekyll-sass-converter (1.3.0)
      sass (~> 3.2)
    jekyll-watch (1.3.0)
      listen (~> 3.0)
    json (1.8.3)
    kramdown (1.9.0)
    liquid (3.0.6)
    listen (3.0.5)
      rb-fsevent (>= 0.9.3)
      rb-inotify (>= 0.9)
    mercenary (0.3.5)
    mime-types (2.99)
    mini_portile2 (2.0.0)
    minitest (5.8.3)
    netrc (0.11.0)
    nokogiri (1.6.7.1)
      mini_portile2 (~> 2.0.0.rc2)
    oauth (0.4.7)
    parallel (1.6.1)
    rb-fsevent (0.9.6)
    rb-inotify (0.9.5)
      ffi (>= 0.5.0)
    rdiscount (2.1.8)
    rest-client (1.8.0)
      http-cookie (>= 1.0.2, < 2.0)
      mime-types (>= 1.16, < 3.0)
      netrc (~> 0.7)
    reverse_markdown (1.0.0)
      nokogiri
    rouge (1.10.1)
    rspec (2.99.0)
      rspec-core (~> 2.99.0)
      rspec-expectations (~> 2.99.0)
      rspec-mocks (~> 2.99.0)
    rspec-core (2.99.2)
    rspec-expectations (2.99.2)
      diff-lcs (>= 1.1.3, < 2.0)
    rspec-mocks (2.99.4)
    safe_yaml (1.0.4)
    sass (3.4.19)
    thread_safe (0.3.5)
    typhoeus (0.8.0)
      ethon (>= 0.8.0)
    tzinfo (1.2.2)
      thread_safe (~> 0.1)
    unf (0.1.4)
      unf_ext
    unf_ext (0.0.7.1)
    yell (2.0.5)

PLATFORMS
  ruby

DEPENDENCIES
  goodreads
  html-proofer
  jekyll
  jekyll-paginate
  rdiscount
  reverse_markdown
  rspec

BUNDLED WITH
   1.11.2
